PATH
  remote: ./vendor/asciidoctor-epub3
  specs:
    asciidoctor-epub3 (1.5.0.alpha.8.dev)
      asciidoctor (~> 1.5.0)
      gepub (~> 0.7.0beta4)
      thread_safe (~> 0.3.6)

PATH
  remote: ./vendor/asciidoctor
  specs:
    asciidoctor (1.5.7.dev)

PATH
  remote: ./vendor/gepub
  specs:
    gepub (0.7.0beta4)
      nokogiri (>= 1.6.1, < 1.9)
      rubyzip (>= 1.1.1)

GEM
  remote: https://rubygems.org/
  specs:
    chunky_png (1.3.8)
    compass (1.0.3)
      chunky_png (~> 1.2)
      compass-core (~> 1.0.2)
      compass-import-once (~> 1.0.5)
      rb-fsevent (>= 0.9.3)
      rb-inotify (>= 0.9)
      sass (>= 3.3.13, < 3.5)
    compass-core (1.0.3)
      multi_json (~> 1.0)
      sass (>= 3.3.0, < 3.5)
    compass-import-once (1.0.5)
      sass (>= 3.2, < 3.5)
    ffi (1.9.18)
    mini_portile2 (2.2.0)
    multi_json (1.12.1)
    nokogiri (1.8.0)
      mini_portile2 (~> 2.2.0)
    rb-fsevent (0.10.2)
    rb-inotify (0.9.10)
      ffi (>= 0.5.0, < 2)
    rubyzip (1.2.1)
    sass (3.4.25)
    thread_safe (0.3.6)

PLATFORMS
  ruby

DEPENDENCIES
  asciidoctor!
  asciidoctor-epub3!
  compass (~> 1.0.3)
  gepub!

BUNDLED WITH
   1.13.7
